GEM
  remote: https://rubygems.org/
  specs:
    byebug (9.0.6)
    rake (12.0.0)
    rubyzip (1.2.1)

PLATFORMS
  ruby

DEPENDENCIES
  byebug
  rake
  rubyzip

BUNDLED WITH
   1.13.7
